PATH
  remote: .
  specs:
    rails-workflow (1.4.4.4)
      activerecord (~> 5.0)
      activesupport (~> 5.0)

GEM
  remote: http://rubygems.org/
  specs:
    activemodel (5.0.0.1)
      activesupport (= 5.0.0.1)
    activerecord (5.0.0.1)
      activemodel (= 5.0.0.1)
      activesupport (= 5.0.0.1)
      arel (~> 7.0)
    activesupport (5.0.0.1)
      concurrent-ruby (~> 1.0, >= 1.0.2)
      i18n (~> 0.7)
      minitest (~> 5.1)
      tzinfo (~> 1.1)
    arel (7.1.2)
    byebug (9.0.5)
    cancancan (1.15.0)
    concurrent-ruby (1.0.2)
    diff-lcs (1.2.5)
    i18n (0.7.0)
    json (1.8.3)
    metaclass (0.0.4)
    minitest (5.9.0)
    mocha (1.1.0)
      metaclass (~> 0.0.1)
    power_assert (0.3.1)
    rake (11.2.2)
    rdoc (4.2.2)
      json (~> 1.4)
    redcarpet (3.3.4)
    rspec (3.5.0)
      rspec-core (~> 3.5.0)
      rspec-expectations (~> 3.5.0)
      rspec-mocks (~> 3.5.0)
    rspec-core (3.5.3)
      rspec-support (~> 3.5.0)
    rspec-expectations (3.5.0)
      diff-lcs (>= 1.2.0, < 2.0)
      rspec-support (~> 3.5.0)
    rspec-mocks (3.5.0)
      diff-lcs (>= 1.2.0, < 2.0)
      rspec-support (~> 3.5.0)
    rspec-support (3.5.0)
    ruby-graphviz (1.0.9)
    sqlite3 (1.3.11)
    test-unit (3.2.1)
      power_assert
    thread_safe (0.3.5)
    tzinfo (1.2.2)
      thread_safe (~> 0.1)
    yard (0.9.5)

PLATFORMS
  ruby

DEPENDENCIES
  bundler (~> 1.13)
  byebug
  cancancan
  mocha
  rails-workflow!
  rake
  rdoc (>= 3.12)
  redcarpet
  rspec (~> 3.0)
  ruby-graphviz (~> 1.0.0)
  sqlite3
  test-unit
  yard

BUNDLED WITH
   1.13.1
